NUGET
  remote: https://www.nuget.org/api/v2
    ExtCore (0.8.46)
